GEM
  remote: https://rubygems.org/
  specs:
    GiphyClient (1.0.0)
      json (~> 1.8, >= 1.8.3)
      typhoeus (~> 1.0, >= 1.0.1)
    activesupport (6.0.3.1)
      concurrent-ruby (~> 1.0, >= 1.0.2)
      i18n (>= 0.7, < 2)
      minitest (~> 5.1)
      tzinfo (~> 1.1)
      zeitwerk (~> 2.2, >= 2.2.2)
    addressable (2.7.0)
      public_suffix (>= 2.0.2, < 5.0)
    async (1.17.0)
      event (~> 1.3)
      nio4r (~> 2.3)
      timers (~> 4.1)
    async-io (1.20.0)
      async (~> 1.14)
    async-websocket (0.8.0)
      async-io
      websocket-driver (~> 0.7.0)
    concurrent-ruby (1.1.6)
    declarative (0.0.10)
    declarative-option (0.1.0)
    dotenv (2.7.1)
    et-orbi (1.1.7)
      tzinfo
    ethon (0.12.0)
      ffi (>= 1.3.0)
    event (1.5.0)
    faraday (0.15.4)
      multipart-post (>= 1.2, < 3)
    faraday_middleware (0.13.1)
      faraday (>= 0.7.4, < 1.0)
    ffi (1.10.0)
    fugit (1.1.8)
      et-orbi (~> 1.1, >= 1.1.7)
      raabro (~> 1.1)
    gli (2.18.0)
    google-api-client (0.33.1)
      addressable (~> 2.5, >= 2.5.1)
      googleauth (~> 0.9)
      httpclient (>= 2.8.1, < 3.0)
      mini_mime (~> 1.0)
      representable (~> 3.0)
      retriable (>= 2.0, < 4.0)
      signet (~> 0.12)
    googleauth (0.10.0)
      faraday (~> 0.12)
      jwt (>= 1.4, < 3.0)
      memoist (~> 0.16)
      multi_json (~> 1.11)
      os (>= 0.9, < 2.0)
      signet (~> 0.12)
    hashie (3.6.0)
    httparty (0.17.0)
      mime-types (~> 3.0)
      multi_xml (>= 0.5.2)
    httpclient (2.8.3)
    i18n (1.8.2)
      concurrent-ruby (~> 1.0)
    json (1.8.6)
    jwt (2.2.1)
    memoist (0.16.0)
    mime-types (3.2.2)
      mime-types-data (~> 3.2015)
    mime-types-data (3.2019.0331)
    mini_mime (1.0.2)
    minitest (5.14.1)
    multi_json (1.14.1)
    multi_xml (0.6.0)
    multipart-post (2.0.0)
    nio4r (2.3.1)
    os (1.0.1)
    public_suffix (4.0.1)
    raabro (1.1.6)
    representable (3.0.4)
      declarative (< 0.1.0)
      declarative-option (< 0.2.0)
      uber (< 0.2.0)
    retriable (3.1.2)
    rufus-scheduler (3.5.2)
      fugit (~> 1.1, >= 1.1.5)
    signet (0.12.0)
      addressable (~> 2.3)
      faraday (~> 0.9)
      jwt (>= 1.5, < 3.0)
      multi_json (~> 1.10)
    slack-ruby-bot (0.12.0)
      hashie
      slack-ruby-client (>= 0.14.0)
    slack-ruby-client (0.14.1)
      activesupport
      faraday (>= 0.9)
      faraday_middleware
      gli
      hashie
      websocket-driver
    thread_safe (0.3.6)
    timers (4.3.0)
    typhoeus (1.3.1)
      ethon (>= 0.9.0)
    tzinfo (1.2.7)
      thread_safe (~> 0.1)
    uber (0.1.0)
    websocket-driver (0.7.0)
      websocket-extensions (>= 0.1.0)
    websocket-extensions (0.1.3)
    zeitwerk (2.3.0)

PLATFORMS
  ruby

DEPENDENCIES
  GiphyClient
  async-websocket
  dotenv
  google-api-client
  httparty
  rufus-scheduler
  slack-ruby-bot

BUNDLED WITH
   1.17.2
